PATH
  remote: .
  specs:
    tree_stand (0.2.0)
      ruby_tree_sitter
      sorbet-runtime
      zeitwerk

GEM
  remote: https://rubygems.org/
  specs:
    ansi (1.5.0)
    builder (3.2.4)
    debug (1.9.1)
      irb (~> 1.10)
      reline (>= 0.3.8)
    erubi (1.12.0)
    io-console (0.7.2)
    irb (1.12.0)
      rdoc
      reline (>= 0.4.2)
    minitest (5.22.3)
    minitest-focus (1.4.0)
      minitest (>= 4, < 6)
    minitest-reporters (1.6.1)
      ansi
      builder
      minitest (>= 5.0)
      ruby-progressbar
    netrc (0.11.0)
    parallel (1.24.0)
    prettier_print (1.2.1)
    prism (0.24.0)
    psych (5.1.2)
      stringio
    rake (13.1.0)
    rbi (0.1.9)
      prism (>= 0.18.0, < 0.25)
      sorbet-runtime (>= 0.5.9204)
    rdoc (6.6.3.1)
      psych (>= 4.0.0)
    reline (0.5.0)
      io-console (~> 0.5)
    ruby-progressbar (1.13.0)
    ruby_tree_sitter (1.0.0)
      sorbet-runtime
      zeitwerk
    sorbet (0.5.11305)
      sorbet-static (= 0.5.11305)
    sorbet-runtime (0.5.11305)
    sorbet-static (0.5.11305-universal-darwin)
    sorbet-static-and-runtime (0.5.11305)
      sorbet (= 0.5.11305)
      sorbet-runtime (= 0.5.11305)
    spoom (1.2.4)
      erubi (>= 1.10.0)
      sorbet-static-and-runtime (>= 0.5.10187)
      syntax_tree (>= 6.1.1)
      thor (>= 0.19.2)
    stringio (3.1.0)
    syntax_tree (6.2.0)
      prettier_print (>= 1.2.0)
    tapioca (0.11.17)
      bundler (>= 2.2.25)
      netrc (>= 0.11.0)
      parallel (>= 1.21.0)
      rbi (>= 0.1.4, < 0.2)
      sorbet-static-and-runtime (>= 0.5.10820)
      spoom (~> 1.2.0, >= 1.2.0)
      thor (>= 1.2.0)
      yard-sorbet
    thor (1.3.1)
    yard (0.9.36)
    yard-sorbet (0.8.1)
      sorbet-runtime (>= 0.5)
      yard (>= 0.9)
    zeitwerk (2.6.13)

PLATFORMS
  ruby

DEPENDENCIES
  bundler (~> 2.3)
  debug (~> 1.7)
  minitest (~> 5.17)
  minitest-focus (~> 1.3)
  minitest-reporters (~> 1.5)
  rake (~> 13.0)
  tapioca (~> 0.11.1)
  tree_stand!
  yard (~> 0.9.28)

BUNDLED WITH
   2.5.7
